GEM
  remote: https://rubygems.org/
  specs:
    builder (3.2.2)
    i18n (0.6.9)
    jwt (0.1.8)
      multi_json (>= 1.5)
    money (6.0.0)
      i18n (~> 0.6.4)
    multi_json (1.8.2)
    twilio-ruby (3.11.4)
      builder (>= 2.1.2)
      jwt (>= 0.1.2)
      multi_json (>= 1.3.0)

PLATFORMS
  ruby

DEPENDENCIES
  money
  twilio-ruby
